GIT
  remote: https://github.com/tabulapdf/tabula-api.git
  revision: 8c004638414aa34519d631c1e2df111c306f4e4d
  branch: master
  specs:
    tabula-api (0.0.1-java)
      grape
      jdbc-sqlite3
      sequel
      tabula-extractor

GEM
  remote: https://rubygems.org/
  specs:
    activesupport (4.1.4)
      i18n (~> 0.6, >= 0.6.9)
      json (~> 1.7, >= 1.7.7)
      minitest (~> 5.1)
      thread_safe (~> 0.1)
      tzinfo (~> 1.1)
    axiom-types (0.1.1)
      descendants_tracker (~> 0.0.4)
      ice_nine (~> 0.11.0)
      thread_safe (~> 0.3, >= 0.3.1)
    builder (3.2.2)
    coercible (1.0.0)
      descendants_tracker (~> 0.0.1)
    cuba (3.1.1)
      rack
    descendants_tracker (0.0.4)
      thread_safe (~> 0.3, >= 0.3.1)
    equalizer (0.0.9)
    grape (0.8.0)
      activesupport
      builder
      hashie (>= 2.1.0)
      multi_json (>= 1.3.2)
      multi_xml (>= 0.5.2)
      rack (>= 1.3.0)
      rack-accept
      rack-mount
      virtus (>= 1.0.0)
    hashie (3.2.0)
    i18n (0.6.11)
    ice_nine (0.11.0)
    jdbc-sqlite3 (3.7.2.1)
    jruby-jars (1.7.13)
    jruby-rack (1.1.14)
    json (1.8.1-java)
    minitest (5.4.0)
    multi_json (1.10.1)
    multi_xml (0.5.5)
    rack (1.5.2)
    rack-accept (0.4.5)
      rack (>= 0.4)
    rack-mount (0.8.3)
      rack (>= 1.0.0)
    rake (10.3.2)
    rubyzip (1.1.6)
    sequel (4.13.0)
    tabula-extractor (0.7.4-java)
      trollop (~> 2.0)
    thread_safe (0.3.4-java)
    tilt (2.0.1)
    trollop (2.0)
    tzinfo (1.2.2)
      thread_safe (~> 0.1)
    virtus (1.0.3)
      axiom-types (~> 0.1)
      coercible (~> 1.0)
      descendants_tracker (~> 0.0, >= 0.0.3)
      equalizer (~> 0.0, >= 0.0.9)
    warbler (1.4.4)
      jruby-jars (>= 1.5.6, < 2.0)
      jruby-rack (>= 1.0.0)
      rake (>= 0.9.6)
      rubyzip (>= 0.9, < 1.2)

PLATFORMS
  java

DEPENDENCIES
  cuba
  rack
  rake
  tabula-api!
  tilt
  warbler
